GEM
  remote: http://rubygems.org/
  specs:
    eventmachine (0.12.10)
    git (1.2.5)
    jeweler (1.5.2)
      bundler (~> 1.0.0)
      git (>= 1.2.5)
      rake
    rake (0.8.7)
    rdiscount (1.6.8)
    yard (0.6.4)

PLATFORMS
  ruby

DEPENDENCIES
  eventmachine
  jeweler (~> 1.5)
  rake
  rdiscount
  yard
